PATH
  remote: .
  specs:
    pdf-reader (0.8.5)
      Ascii85 (>= 0.9)

GEM
  remote: http://rubygems.org/
  specs:
    Ascii85 (1.0.0)
    diff-lcs (1.1.2)
    rake (0.8.7)
    roodi (2.1.0)
      ruby_parser
    rspec (2.1.0)
      rspec-core (~> 2.1.0)
      rspec-expectations (~> 2.1.0)
      rspec-mocks (~> 2.1.0)
    rspec-core (2.1.0)
    rspec-expectations (2.1.0)
      diff-lcs (~> 1.1.2)
    rspec-mocks (2.1.0)
    ruby_parser (2.0.5)
      sexp_processor (~> 3.0)
    sexp_processor (3.0.5)

PLATFORMS
  ruby

DEPENDENCIES
  Ascii85 (>= 0.9)
  pdf-reader!
  rake
  roodi
  rspec (~> 2.1)
